GEM
  remote: https://rubygems.org/
  specs:
    ansi (1.5.0)
    builder (3.2.4)
    ffi (1.15.5)
    listen (3.8.0)
      rb-fsevent (~> 0.10, >= 0.10.3)
      rb-inotify (~> 0.9, >= 0.9.10)
    minitest (5.15.0)
    minitest-reporters (1.5.0)
      ansi
      builder
      minitest (>= 5.0)
      ruby-progressbar
    mustermann (2.0.2)
      ruby2_keywords (~> 0.0.1)
    nio4r (2.5.9)
    nokogiri (1.13.3-arm64-darwin)
      racc (~> 1.4)
    puma (5.6.5)
      nio4r (~> 2.0)
    racc (1.6.2)
    rack (2.2.7)
    rack-protection (2.2.2)
      rack
    rack-test (1.1.0)
      rack (>= 1.0, < 3)
    rake (13.0.6)
    rb-fsevent (0.11.2)
    rb-inotify (0.10.1)
      ffi (~> 1.0)
    rerun (0.13.1)
      listen (~> 3.0)
    ruby-progressbar (1.13.0)
    ruby2_keywords (0.0.5)
    sinatra (2.2.2)
      mustermann (~> 2.0)
      rack (~> 2.2)
      rack-protection (= 2.2.2)
      tilt (~> 2.0)
    tilt (2.1.0)

PLATFORMS
  arm64-darwin-22

DEPENDENCIES
  minitest (= 5.15.0)
  minitest-reporters (= 1.5.0)
  nokogiri (= 1.13.3)
  puma (= 5.6.5)
  rack-test (= 1.1.0)
  rake (= 13.0.6)
  rerun (= 0.13.1)
  sinatra (= 2.2.2)

RUBY VERSION
   ruby 3.1.2p20

BUNDLED WITH
   2.3.10
